GEM
  remote: https://rubygems.org/
  specs:
    addressable (2.4.0)
    andand (1.3.3)
    bson (1.12.0)
    bson_ext (1.12.0)
      bson (~> 1.12.0)
    capistrano (3.2.1)
      i18n
      rake (>= 10.0.0)
      sshkit (~> 1.3)
    capistrano-bundler (1.1.3)
      capistrano (~> 3.1)
      sshkit (~> 1.2)
    colorize (0.7.4)
    daemons (1.2.4)
    diff-lcs (1.2.5)
    dotenv (1.0.2)
    eventmachine (1.2.0.1)
    faraday (0.9.2)
      multipart-post (>= 1.2, < 3)
    faraday_middleware (0.10.0)
      faraday (>= 0.7.4, < 0.10)
    foreman (0.76.0)
      dotenv (~> 1.0.2)
      thor (~> 0.19.1)
    google_places (0.32.0)
      httparty (~> 0.13.1)
    httparty (0.13.7)
      json (~> 1.8)
      multi_xml (>= 0.5.2)
    i18n (0.6.11)
    json (1.8.3)
    kgio (2.9.2)
    koala (2.4.0)
      addressable
      faraday
      multi_json (>= 1.3.0)
    mongo (1.12.0)
      bson (= 1.12.0)
    mongo-resque (1.20.0)
      mongo (~> 1.5)
      multi_json (~> 1.0)
      sinatra (>= 0.9.2)
      vegas (~> 0.1.2)
    multi_json (1.10.1)
    multi_xml (0.5.5)
    multipart-post (2.0.0)
    net-scp (1.2.1)
      net-ssh (>= 2.6.5)
    net-ssh (2.9.1)
    rack (1.5.2)
    rack-protection (1.5.3)
      rack
    rack-test (0.6.2)
      rack (>= 1.0)
    raindrops (0.13.0)
    rake (10.4.2)
    rspec (3.5.0)
      rspec-core (~> 3.5.0)
      rspec-expectations (~> 3.5.0)
      rspec-mocks (~> 3.5.0)
    rspec-core (3.5.4)
      rspec-support (~> 3.5.0)
    rspec-expectations (3.5.0)
      diff-lcs (>= 1.2.0, < 2.0)
      rspec-support (~> 3.5.0)
    rspec-mocks (3.5.0)
      diff-lcs (>= 1.2.0, < 2.0)
      rspec-support (~> 3.5.0)
    rspec-support (3.5.0)
    rvm1-capistrano3 (1.3.2.2)
      capistrano (~> 3.0)
      sshkit (>= 1.2)
    simple_oauth (0.3.1)
    sinatra (1.4.5)
      rack (~> 1.4)
      rack-protection (~> 1.4)
      tilt (~> 1.3, >= 1.3.4)
    sshkit (1.5.1)
      colorize
      net-scp (>= 1.1.2)
      net-ssh (>= 2.8.0)
    thin (1.7.0)
      daemons (~> 1.0, >= 1.0.9)
      eventmachine (~> 1.0, >= 1.0.4)
      rack (>= 1, < 3)
    thor (0.19.1)
    tilt (1.4.1)
    unicorn (4.8.3)
      kgio (~> 2.6)
      rack
      raindrops (~> 0.7)
    vegas (0.1.11)
      rack (>= 1.0.0)
    yelp (2.1.3)
      faraday (~> 0.8, >= 0.8.0)
      faraday_middleware (~> 0.8, >= 0.8.0)
      simple_oauth (~> 0.3.1)

PLATFORMS
  ruby

DEPENDENCIES
  andand
  bson_ext
  capistrano (~> 3.2.1)
  capistrano-bundler
  foreman
  google_places
  json
  koala (~> 2.2)
  mongo-resque
  rack-test
  rspec
  rvm1-capistrano3
  sinatra
  thin
  unicorn
  yelp
