GEM
  remote: https://rubygems.org/
  specs:
    andand (1.3.3)
    bson (1.12.0)
    bson_ext (1.12.0)
      bson (~> 1.12.0)
    capistrano (3.2.1)
      i18n
      rake (>= 10.0.0)
      sshkit (~> 1.3)
    capistrano-bundler (1.1.3)
      capistrano (~> 3.1)
      sshkit (~> 1.2)
    colorize (0.7.4)
    dotenv (1.0.2)
    foreman (0.76.0)
      dotenv (~> 1.0.2)
      thor (~> 0.19.1)
    google_places (0.32.0)
      httparty (~> 0.13.1)
    httparty (0.13.7)
      json (~> 1.8)
      multi_xml (>= 0.5.2)
    i18n (0.6.11)
    json (1.8.3)
    kgio (2.9.2)
    metaclass (0.0.4)
    minitest (4.7.5)
    mocha (1.2.1)
      metaclass (~> 0.0.1)
    mongo (1.12.0)
      bson (= 1.12.0)
    mongo-resque (1.20.0)
      mongo (~> 1.5)
      multi_json (~> 1.0)
      sinatra (>= 0.9.2)
      vegas (~> 0.1.2)
    multi_json (1.10.1)
    multi_xml (0.5.5)
    net-scp (1.2.1)
      net-ssh (>= 2.6.5)
    net-ssh (2.9.1)
    rack (1.5.2)
    rack-protection (1.5.3)
      rack
    rack-test (0.6.2)
      rack (>= 1.0)
    raindrops (0.13.0)
    rake (10.4.2)
    rvm1-capistrano3 (1.3.2.2)
      capistrano (~> 3.0)
      sshkit (>= 1.2)
    sinatra (1.4.5)
      rack (~> 1.4)
      rack-protection (~> 1.4)
      tilt (~> 1.3, >= 1.3.4)
    sshkit (1.5.1)
      colorize
      net-scp (>= 1.1.2)
      net-ssh (>= 2.8.0)
    thor (0.19.1)
    tilt (1.4.1)
    unicorn (4.8.3)
      kgio (~> 2.6)
      rack
      raindrops (~> 0.7)
    vegas (0.1.11)
      rack (>= 1.0.0)

PLATFORMS
  ruby

DEPENDENCIES
  andand
  bson_ext
  capistrano (~> 3.2.1)
  capistrano-bundler
  foreman
  google_places
  minitest (~> 4.0)
  mocha
  mongo-resque
  rack-test
  rvm1-capistrano3
  sinatra
  unicorn
